GEM
  remote: https://rubygems.org/
  specs:
    diff-lcs (1.6.2)
    json (2.7.6)
    mustermann (2.0.2)
      ruby2_keywords (~> 0.0.1)
    rack (2.2.17)
    rack-protection (2.2.4)
      rack
    rspec (3.13.1)
      rspec-core (~> 3.13.0)
      rspec-expectations (~> 3.13.0)
      rspec-mocks (~> 3.13.0)
    rspec-core (3.13.5)
      rspec-support (~> 3.13.0)
    rspec-expectations (3.13.5)
      diff-lcs (>= 1.2.0, < 2.0)
      rspec-support (~> 3.13.0)
    rspec-mocks (3.13.5)
      diff-lcs (>= 1.2.0, < 2.0)
      rspec-support (~> 3.13.0)
    rspec-support (3.13.4)
    ruby2_keywords (0.0.5)
    sinatra (2.2.4)
      mustermann (~> 2.0)
      rack (~> 2.2)
      rack-protection (= 2.2.4)
      tilt (~> 2.0)
    tilt (2.6.0)

PLATFORMS
  ruby

DEPENDENCIES
  json (~> 2.7.6)
  rspec (~> 3.9)
  sinatra (~> 2.0)

BUNDLED WITH
   1.17.2
